GEM
  remote: http://rubygems.org/
  specs:
    Ascii85 (1.0.0)
    actionmailer (2.3.8)
      actionpack (= 2.3.8)
    actionpack (2.3.8)
      activesupport (= 2.3.8)
      rack (~> 1.1.0)
    activerecord (2.3.8)
      activesupport (= 2.3.8)
    activeresource (2.3.8)
      activesupport (= 2.3.8)
    activesupport (2.3.8)
    authlogic (2.1.6)
      activesupport
    awesome_print (0.1.4)
    builder (2.1.2)
    cancan (1.4.0)
    cucumber (0.9.3)
      builder (~> 2.1.2)
      diff-lcs (~> 1.1.2)
      gherkin (~> 2.2.9)
      json (~> 1.4.6)
      term-ansicolor (~> 1.0.5)
    cucumber-rails (0.3.2)
      cucumber (>= 0.8.0)
    database_cleaner (0.6.0)
    diff-lcs (1.1.2)
    faker (0.3.1)
    fastercsv (1.5.3)
    gherkin (2.2.9)
      json (~> 1.4.6)
      term-ansicolor (~> 1.0.5)
    json (1.4.6)
    machinist (1.0.6)
    mocha (0.9.9)
      rake
    nokogiri (1.4.3.1)
    pdf-reader (0.8.6)
      Ascii85 (>= 0.9)
    pickle (0.4.3)
      cucumber (>= 0.8)
      rake
      rspec (>= 1.3)
      yard
    prawn (0.8.4)
      prawn-core (>= 0.8.4, < 0.9)
      prawn-layout (>= 0.8.4, < 0.9)
      prawn-security (>= 0.8.4, < 0.9)
    prawn-core (0.8.4)
    prawn-layout (0.8.4)
    prawn-security (0.8.4)
    rack (1.1.0)
    rack-test (0.5.6)
      rack (>= 1.0)
    rails (2.3.8)
      actionmailer (= 2.3.8)
      actionpack (= 2.3.8)
      activerecord (= 2.3.8)
      activeresource (= 2.3.8)
      activesupport (= 2.3.8)
      rake (>= 0.8.3)
    rake (0.8.7)
    redgreen (1.2.2)
    rspec (2.0.1)
      rspec-core (~> 2.0.1)
      rspec-expectations (~> 2.0.1)
      rspec-mocks (~> 2.0.1)
    rspec-core (2.0.1)
    rspec-expectations (2.0.1)
      diff-lcs (>= 1.1.2)
    rspec-mocks (2.0.1)
      rspec-core (~> 2.0.1)
      rspec-expectations (~> 2.0.1)
    rubyzip (0.9.4)
    searchlogic (2.4.27)
      activerecord (>= 2.0.0)
    sqlite3-ruby (1.2.5)
    term-ansicolor (1.0.5)
    thoughtbot-shoulda (2.11.1)
    tpitale-constant_cache (0.1.2)
    webrat (0.7.2)
      nokogiri (>= 1.2.0)
      rack (>= 1.0)
      rack-test (>= 0.5.3)
    will_paginate (2.3.15)
    yard (0.6.1)

PLATFORMS
  ruby

DEPENDENCIES
  authlogic
  awesome_print
  cancan
  cucumber-rails (>= 0.3.0)
  database_cleaner (>= 0.5.0)
  faker
  fastercsv
  machinist
  mocha
  pdf-reader
  pickle
  prawn (>= 0.7.2)
  rails (= 2.3.8)
  redgreen (>= 1.2.2)
  rubyzip (>= 0.9.4)
  searchlogic (>= 2.4.14)
  sqlite3-ruby (= 1.2.5)
  thoughtbot-shoulda (>= 2.10.2)
  tpitale-constant_cache (>= 0.1.2)
  webrat (>= 0.7.0)
  will_paginate (~> 2.3.11)
