GEM
  remote: http://rubygems.org/
  specs:
    Ascii85 (1.0.0)
    actionmailer (2.3.11)
      actionpack (= 2.3.11)
    actionpack (2.3.11)
      activesupport (= 2.3.11)
      rack (~> 1.1.0)
    activerecord (2.3.11)
      activesupport (= 2.3.11)
    activeresource (2.3.11)
      activesupport (= 2.3.11)
    activesupport (2.3.11)
    ansi (1.2.2)
    authlogic (2.1.6)
      activesupport
    awesome_print (0.3.2)
    builder (3.0.0)
    cancan (1.6.3)
    cucumber (0.10.2)
      builder (>= 2.1.2)
      diff-lcs (>= 1.1.2)
      gherkin (>= 2.3.5)
      json (>= 1.4.6)
      term-ansicolor (>= 1.0.5)
    cucumber-rails (0.4.0)
      cucumber (>= 0.10.1)
      nokogiri (>= 1.4.4)
      rack-test (>= 0.5.7)
    database_cleaner (0.6.6)
    diff-lcs (1.1.2)
    faker (0.9.5)
      i18n (~> 0.4)
    fastercsv (1.5.4)
    gherkin (2.3.5)
      json (>= 1.4.6)
    i18n (0.5.0)
    json (1.5.1)
    machinist (1.0.6)
    mocha (0.9.12)
    nokogiri (1.4.4)
    pdf-reader (0.9.1)
      Ascii85 (>= 0.9)
    pickle (0.4.7)
      cucumber (>= 0.8)
      rake
    prawn (0.8.4)
      prawn-core (< 0.9, >= 0.8.4)
      prawn-layout (< 0.9, >= 0.8.4)
      prawn-security (< 0.9, >= 0.8.4)
    prawn-core (0.8.4)
    prawn-layout (0.8.4)
    prawn-security (0.8.4)
    rack (1.1.2)
    rack-test (0.5.7)
      rack (>= 1.0)
    rails (2.3.11)
      actionmailer (= 2.3.11)
      actionpack (= 2.3.11)
      activerecord (= 2.3.11)
      activeresource (= 2.3.11)
      activesupport (= 2.3.11)
      rake (>= 0.8.3)
    rake (0.8.7)
    rcov (0.9.9)
    redgreen (1.2.2)
    rspec (1.3.1)
    rspec-rails (1.3.3)
      rack (>= 1.0.0)
      rspec (= 1.3.1)
    rubyzip (0.9.4)
    searchlogic (2.5.4)
      activerecord (~> 2.3.11)
      activerecord (~> 2.3.11)
    shoulda (2.11.3)
    sqlite3-ruby (1.2.5)
    term-ansicolor (1.0.5)
    tpitale-constant_cache (0.1.2)
    turn (0.8.1)
      ansi (>= 1.2.2)
    webrat (0.7.3)
      nokogiri (>= 1.2.0)
      rack (>= 1.0)
      rack-test (>= 0.5.3)
    will_paginate (2.3.15)

PLATFORMS
  ruby

DEPENDENCIES
  authlogic
  awesome_print
  cancan
  cucumber-rails (>= 0.3.0)
  database_cleaner (>= 0.5.0)
  faker
  fastercsv
  machinist
  mocha
  pdf-reader
  pickle
  prawn (>= 0.7.2)
  rails (= 2.3.11)
  rcov
  redgreen (>= 1.2.2)
  rspec (= 1.3.1)
  rspec-rails (= 1.3.3)
  rubyzip (>= 0.9.4)
  searchlogic (>= 2.4.14)
  shoulda
  sqlite3-ruby (= 1.2.5)
  tpitale-constant_cache (>= 0.1.2)
  turn
  webrat (>= 0.7.0)
  will_paginate (~> 2.3.11)
